GEM
  remote: https://rubygems.org/
  specs:
    gosu (0.15.2)

PLATFORMS
  x86_64-linux

DEPENDENCIES
  gosu (~> 0.15.2)

BUNDLED WITH
   2.2.3
